PATH
  remote: .
  specs:
    lulu_api (0.1.0)
      httparty

GEM
  remote: https://rubygems.org/
  specs:
    httparty (0.18.0)
      mime-types (~> 3.0)
      multi_xml (>= 0.5.2)
    mime-types (3.3.1)
      mime-types-data (~> 3.2015)
    mime-types-data (3.2019.1009)
    multi_xml (0.6.0)
    rake (10.5.0)

PLATFORMS
  ruby

DEPENDENCIES
  bundler (~> 2.0)
  lulu_api!
  rake (~> 10.0)

BUNDLED WITH
   2.0.2
